GEM
  remote: http://rubygems.org/
  specs:
    activemodel (3.1.3)
      activesupport (= 3.1.3)
      builder (~> 3.0.0)
      i18n (~> 0.6)
    activesupport (3.1.3)
      multi_json (~> 1.0)
    aws-sdk (1.4.1)
      httparty (~> 0.7)
      json (~> 1.4)
      nokogiri (>= 1.4.4)
      uuidtools (~> 2.1)
    builder (3.0.0)
    coderay (1.0.6)
    diff-lcs (1.1.3)
    fake_dynamo (0.0.8)
      activesupport
      json
      sinatra
    git (1.2.5)
    github-markup (0.7.1)
    httparty (0.8.3)
      multi_json (~> 1.0)
      multi_xml
    i18n (0.6.0)
    jeweler (1.6.4)
      bundler (~> 1.0)
      git (>= 1.2.5)
      rake
    json (1.7.0)
    metaclass (0.0.1)
    method_source (0.7.1)
    mocha (0.10.0)
      metaclass (~> 0.0.1)
    multi_json (1.3.4)
    multi_xml (0.4.4)
    nokogiri (1.5.2)
    pry (0.9.9.4)
      coderay (~> 1.0.5)
      method_source (~> 0.7.1)
      slop (>= 2.4.4, < 3)
    rack (1.4.1)
    rack-protection (1.2.0)
      rack
    rake (0.9.2.2)
    redcarpet (1.17.2)
    rspec (2.8.0)
      rspec-core (~> 2.8.0)
      rspec-expectations (~> 2.8.0)
      rspec-mocks (~> 2.8.0)
    rspec-core (2.8.0)
    rspec-expectations (2.8.0)
      diff-lcs (~> 1.1.2)
    rspec-mocks (2.8.0)
    sinatra (1.3.2)
      rack (~> 1.3, >= 1.3.6)
      rack-protection (~> 1.2)
      tilt (~> 1.3, >= 1.3.3)
    slop (2.4.4)
    tilt (1.3.3)
    tzinfo (0.3.31)
    uuidtools (2.1.2)
    yard (0.7.5)

PLATFORMS
  ruby

DEPENDENCIES
  activemodel
  aws-sdk
  bundler
  fake_dynamo
  github-markup
  jeweler
  mocha
  pry
  rake
  redcarpet (= 1.17.2)
  rspec
  tzinfo
  yard
